GEM
  remote: https://rubygems.org/
  specs:
    activerecord (2.3.18)
      activesupport (= 2.3.18)
    activesupport (2.3.18)
    database_cleaner (1.4.1)
    i18n (0.6.11)
    mysql (2.9.1)
    rake (0.8.7)
    rspec (1.3.2)

PLATFORMS
  ruby

DEPENDENCIES
  activerecord (= 2.3.18)
  database_cleaner
  i18n (= 0.6.11)
  mysql
  rake (= 0.8.7)
  rspec (~> 1.3.0)

RUBY VERSION
   ruby 1.8.7p375

BUNDLED WITH
   1.17.3
